GEM
  remote: http://rubygems.org/
  specs:
    net-scp (1.0.4)
      net-ssh (>= 1.99.1)
    net-sftp (2.0.5)
      net-ssh (>= 2.0.9)
    net-ssh (2.2.1)

PLATFORMS
  ruby

DEPENDENCIES
  net-scp
  net-sftp
